GEM
  remote: https://rubygems.org/
  specs:
    addressable (2.8.5)
      public_suffix (>= 2.0.2, < 6.0)
    crack (0.4.5)
      rexml
    hashdiff (1.0.1)
    public_suffix (5.0.3)
    rexml (3.2.6)
    webmock (3.19.0)
      addressable (>= 2.8.0)
      crack (>= 0.3.2)
      hashdiff (>= 0.4.0, < 2.0.0)

PLATFORMS
  arm64-darwin-22

DEPENDENCIES
  webmock

BUNDLED WITH
   2.2.3
